GEM
  specs:
    coderay (1.1.2)
    coolline (0.5.0)
      unicode_utils (~> 1.4)
    method_source (0.9.2)
    pry (0.12.2)
      coderay (~> 1.1.0)
      method_source (~> 0.9.0)
    pry-coolline (0.2.5)
      coolline (~> 0.5)
    unicode_utils (1.4.0)

PLATFORMS
  ruby

DEPENDENCIES
  pry
  pry-coolline

BUNDLED WITH
   2.0.1
